NUGET
  remote: https://www.nuget.org/api/v2
  specs:
    FsCheck (2.0.7)
      FSharp.Core (>= 3.1.2.5)
    FsCheck.Nunit (2.0.7)
      FsCheck (>= 2.0.7)
      NUnit (>= 2.6.4)
      NUnit.Runners (>= 2.6.4)
    FSharp.Core (3.1.2.5)
    fszmq (12.1.0)
      FSharp.Core
    NUnit (2.6.4) - framework: >= net45
    NUnit.Runners (2.6.4)
